PATH
  remote: .
  specs:
    jet_fuel (0.0.1)

GEM
  remote: https://rubygems.org/
  specs:
    rack (1.5.2)
    rack-protection (1.4.0)
      rack
    shotgun (0.9)
      rack (>= 1.0)
    sinatra (1.3.5)
      rack (~> 1.4)
      rack-protection (~> 1.3)
      tilt (~> 1.3, >= 1.3.3)
    slim (1.3.6)
      temple (~> 0.5.5)
      tilt (~> 1.3.3)
    temple (0.5.5)
    tilt (1.3.5)

PLATFORMS
  ruby

DEPENDENCIES
  jet_fuel!
  shotgun
  sinatra
  slim
